GEM
  remote: https://rubygems.org/
  specs:
    addressable (2.5.2)
      public_suffix (>= 2.0.2, < 4.0)
    concurrent-ruby (1.0.5)
    domain_name (0.5.20180417)
      unf (>= 0.0.5, < 1.0.0)
    eventmachine (1.2.7)
    faye-websocket (0.10.7)
      eventmachine (>= 0.12.0)
      websocket-driver (>= 0.5.1)
    geocoder (1.6.3)
    http (3.3.0)
      addressable (~> 2.3)
      http-cookie (~> 1.0)
      http-form_data (~> 2.0)
      http_parser.rb (~> 0.6.0)
    http-cookie (1.0.3)
      domain_name (~> 0.5)
    http-form_data (2.1.1)
    http_parser.rb (0.6.0)
    ibm_watson (0.8.0)
      concurrent-ruby (~> 1.0)
      eventmachine (~> 1.2)
      faye-websocket (~> 0.10)
      http (~> 3.3)
    line-bot-api (1.3.0)
    mustermann (1.0.3)
    public_suffix (3.0.3)
    rack (2.0.8)
    rack-protection (2.0.4)
      rack
    sinatra (2.0.4)
      mustermann (~> 1.0)
      rack (~> 2.0)
      rack-protection (= 2.0.4)
      tilt (~> 2.0)
    tilt (2.0.8)
    unf (0.1.4)
      unf_ext
    unf_ext (0.0.7.5)
    websocket-driver (0.7.0)
      websocket-extensions (>= 0.1.0)
    websocket-extensions (0.1.3)

PLATFORMS
  ruby

DEPENDENCIES
  geocoder
  ibm_watson
  line-bot-api
  sinatra

BUNDLED WITH
   1.17.2
